PATH
  remote: .
  specs:
    fluffle (0.0.2)
      bunny (~> 2.5.0)
      concurrent-ruby (~> 1.0.2)
      oj (~> 2.17.1)
      uuidtools (~> 2.1.5)

GEM
  remote: https://rubygems.org/
  specs:
    amq-protocol (2.0.1)
    bunny (2.5.0)
      amq-protocol (>= 2.0.1)
    coderay (1.1.1)
    concurrent-ruby (1.0.2)
    diff-lcs (1.2.5)
    method_source (0.8.2)
    oj (2.17.1)
    pry (0.10.4)
      coderay (~> 1.1.0)
      method_source (~> 0.8.1)
      slop (~> 3.4)
    rake (11.2.2)
    rspec (3.4.0)
      rspec-core (~> 3.4.0)
      rspec-expectations (~> 3.4.0)
      rspec-mocks (~> 3.4.0)
    rspec-core (3.4.4)
      rspec-support (~> 3.4.0)
    rspec-expectations (3.4.0)
      diff-lcs (>= 1.2.0, < 2.0)
      rspec-support (~> 3.4.0)
    rspec-mocks (3.4.1)
      diff-lcs (>= 1.2.0, < 2.0)
      rspec-support (~> 3.4.0)
    rspec-support (3.4.1)
    slop (3.6.0)
    uuidtools (2.1.5)

PLATFORMS
  ruby

DEPENDENCIES
  fluffle!
  pry (~> 0.10.1)
  rake (~> 11.2.2)
  rspec (~> 3.4.0)

BUNDLED WITH
   1.12.5
